GIT
  remote: https://github.com/randym/axlsx.git
  revision: c8ac844572b25fda358cc01d2104720c4c42f450
  ref: c8ac844
  specs:
    axlsx (2.1.0.pre)
      htmlentities (~> 4.3.4)
      mimemagic (~> 0.3)
      nokogiri (>= 1.6.6)
      rubyzip (>= 1.2.1)

GEM
  remote: https://rubygems.org/
  specs:
    actioncable (5.2.1)
      actionpack (= 5.2.1)
      nio4r (~> 2.0)
      websocket-driver (>= 0.6.1)
    actionmailer (5.2.1)
      actionpack (= 5.2.1)
      actionview (= 5.2.1)
      activejob (= 5.2.1)
      mail (~> 2.5, >= 2.5.4)
      rails-dom-testing (~> 2.0)
    actionpack (5.2.1)
      actionview (= 5.2.1)
      activesupport (= 5.2.1)
      rack (~> 2.0)
      rack-test (>= 0.6.3)
      rails-dom-testing (~> 2.0)
      rails-html-sanitizer (~> 1.0, >= 1.0.2)
    actionview (5.2.1)
      activesupport (= 5.2.1)
      builder (~> 3.1)
      erubi (~> 1.4)
      rails-dom-testing (~> 2.0)
      rails-html-sanitizer (~> 1.0, >= 1.0.3)
    activejob (5.2.1)
      activesupport (= 5.2.1)
      globalid (>= 0.3.6)
    activemodel (5.2.1)
      activesupport (= 5.2.1)
    activemodel-serializers-xml (1.0.2)
      activemodel (> 5.x)
      activesupport (> 5.x)
      builder (~> 3.1)
    activerecord (5.2.1)
      activemodel (= 5.2.1)
      activesupport (= 5.2.1)
      arel (>= 9.0)
    activeresource (5.0.0)
      activemodel (>= 5.0, < 6)
      activemodel-serializers-xml (~> 1.0)
      activesupport (>= 5.0, < 6)
    activestorage (5.2.1)
      actionpack (= 5.2.1)
      activerecord (= 5.2.1)
      marcel (~> 0.3.1)
    activesupport (5.2.1)
      concurrent-ruby (~> 1.0, >= 1.0.2)
      i18n (>= 0.7, < 2)
      minitest (~> 5.1)
      tzinfo (~> 1.1)
    addressable (2.5.2)
      public_suffix (>= 2.0.2, < 4.0)
    archive-zip (0.11.0)
      io-like (~> 0.3.0)
    arel (9.0.0)
    async (1.10.3)
      nio4r (~> 2.3)
      timers (~> 4.1)
    async-io (1.16.1)
      async (~> 1.3)
    async-websocket (0.6.1)
      async-io
      websocket-driver (~> 0.7.0)
    axlsx_rails (0.5.2)
      actionpack (>= 3.1)
      axlsx (>= 2.0.1)
    azure-core (0.1.14)
      faraday (~> 0.9)
      faraday_middleware (~> 0.10)
      nokogiri (~> 1.6)
    azure-storage (0.15.0.preview)
      azure-core (~> 0.1)
      faraday (~> 0.9)
      faraday_middleware (~> 0.10)
      nokogiri (~> 1.6, >= 1.6.8)
    bcrypt (3.1.12)
    bindex (0.5.0)
    bonsai-elasticsearch-rails (7.0.1)
      elasticsearch-model (< 8)
      elasticsearch-rails (< 8)
    bootsnap (1.3.2)
      msgpack (~> 1.0)
    builder (3.2.3)
    byebug (10.0.2)
    capybara (3.8.2)
      addressable
      mini_mime (>= 0.1.3)
      nokogiri (~> 1.8)
      rack (>= 1.6.0)
      rack-test (>= 0.6.3)
      xpath (~> 3.1)
    chewy (5.0.0)
      activesupport (>= 4.0)
      elasticsearch (>= 2.0.0)
      elasticsearch-dsl
    childprocess (0.9.0)
      ffi (~> 1.0, >= 1.0.11)
    chromedriver-helper (2.1.0)
      archive-zip (~> 0.10)
      nokogiri (~> 1.8)
    clockwork (2.0.3)
      tzinfo
    closure_tree (7.0.0)
      activerecord (>= 4.2.10)
      with_advisory_lock (>= 4.0.0)
    cocoon (1.2.11)
    coffee-rails (4.2.2)
      coffee-script (>= 2.2.0)
      railties (>= 4.0.0)
    coffee-script (2.4.1)
      coffee-script-source
      execjs
    coffee-script-source (1.12.2)
    concurrent-ruby (1.0.5)
    config (1.7.0)
      activesupport (>= 3.0)
      deep_merge (~> 1.2.1)
      dry-validation (>= 0.10.4)
    connection_pool (2.2.2)
    countries (2.1.4)
      i18n_data (~> 0.8.0)
      money (~> 6.9)
      sixarm_ruby_unaccent (~> 1.1)
      unicode_utils (~> 1.4)
    country_select (3.1.1)
      countries (~> 2.0)
      sort_alphabetical (~> 1.0)
    crass (1.0.4)
    deep_cloneable (2.3.2)
      activerecord (>= 3.1.0, < 6)
    deep_merge (1.2.1)
    devise (4.5.0)
      bcrypt (~> 3.0)
      orm_adapter (~> 0.1)
      railties (>= 4.1.0, < 6.0)
      responders
      warden (~> 1.2.3)
    dry-configurable (0.7.0)
      concurrent-ruby (~> 1.0)
    dry-container (0.6.0)
      concurrent-ruby (~> 1.0)
      dry-configurable (~> 0.1, >= 0.1.3)
    dry-core (0.4.7)
      concurrent-ruby (~> 1.0)
    dry-equalizer (0.2.1)
    dry-inflector (0.1.2)
    dry-logic (0.4.2)
      dry-container (~> 0.2, >= 0.2.6)
      dry-core (~> 0.2)
      dry-equalizer (~> 0.2)
    dry-types (0.13.2)
      concurrent-ruby (~> 1.0)
      dry-container (~> 0.3)
      dry-core (~> 0.4, >= 0.4.4)
      dry-equalizer (~> 0.2)
      dry-inflector (~> 0.1, >= 0.1.2)
      dry-logic (~> 0.4, >= 0.4.2)
    dry-validation (0.12.2)
      concurrent-ruby (~> 1.0)
      dry-configurable (~> 0.1, >= 0.1.3)
      dry-core (~> 0.2, >= 0.2.1)
      dry-equalizer (~> 0.2)
      dry-logic (~> 0.4, >= 0.4.0)
      dry-types (~> 0.13.1)
    elasticsearch (6.1.0)
      elasticsearch-api (= 6.1.0)
      elasticsearch-transport (= 6.1.0)
    elasticsearch-api (6.1.0)
      multi_json
    elasticsearch-dsl (0.1.6)
    elasticsearch-model (6.0.0)
      activesupport (> 3)
      elasticsearch (> 1)
      hashie
    elasticsearch-rails (6.0.0)
    elasticsearch-transport (6.1.0)
      faraday
      multi_json
    encryptor (3.0.0)
    erubi (1.7.1)
    execjs (2.7.0)
    faker (1.9.1)
      i18n (>= 0.7)
    faraday (0.12.2)
      multipart-post (>= 1.2, < 3)
    faraday_middleware (0.12.2)
      faraday (>= 0.7.4, < 1.0)
    fast_jsonapi (1.4)
      activesupport (>= 4.2)
    ffi (1.9.25)
    file_validators (2.3.0)
      activemodel (>= 3.2)
      mime-types (>= 1.0)
    gaffe (1.2.0)
      rails (>= 4.0.0)
    gli (2.18.0)
    globalid (0.4.1)
      activesupport (>= 4.2.0)
    groupdate (4.0.1)
      activesupport (>= 4.2)
    hashid-rails (1.2.2)
      activerecord (>= 4.0)
      hashids (~> 1.0)
    hashids (1.0.4)
    hashie (3.5.7)
    hightop (0.2.0)
      activerecord
    hitimes (1.3.0)
    htmlentities (4.3.4)
    httparty (0.16.2)
      multi_xml (>= 0.5.2)
    i18n (1.1.0)
      concurrent-ruby (~> 1.0)
    i18n_data (0.8.0)
    io-like (0.3.0)
    jbuilder (2.7.0)
      activesupport (>= 4.2.0)
      multi_json (>= 1.2)
    jquery-rails (4.3.3)
      rails-dom-testing (>= 1, < 3)
      railties (>= 4.2.0)
      thor (>= 0.14, < 2.0)
    js-routes (1.4.4)
      railties (>= 3.2)
      sprockets-rails
    jwt (1.5.6)
    kaminari (1.1.1)
      activesupport (>= 4.1.0)
      kaminari-actionview (= 1.1.1)
      kaminari-activerecord (= 1.1.1)
      kaminari-core (= 1.1.1)
    kaminari-actionview (1.1.1)
      actionview
      kaminari-core (= 1.1.1)
    kaminari-activerecord (1.1.1)
      activerecord
      kaminari-core (= 1.1.1)
    kaminari-core (1.1.1)
    launchy (2.4.3)
      addressable (~> 2.3)
    letter_opener (1.6.0)
      launchy (~> 2.2)
    listen (3.1.5)
      rb-fsevent (~> 0.9, >= 0.9.4)
      rb-inotify (~> 0.9, >= 0.9.7)
      ruby_dep (~> 1.2)
    loofah (2.2.2)
      crass (~> 1.0.2)
      nokogiri (>= 1.5.9)
    mail (2.7.0)
      mini_mime (>= 0.1.1)
    maily (0.8.0)
      rails (>= 3.0.0)
      sass-rails
    marcel (0.3.3)
      mimemagic (~> 0.3.2)
    method_source (0.9.0)
    mime-types (3.2.2)
      mime-types-data (~> 3.2015)
    mime-types-data (3.2018.0812)
    mimemagic (0.3.2)
    mini_mime (1.0.1)
    mini_portile2 (2.3.0)
    minitest (5.11.3)
    money (6.13.0)
      i18n (>= 0.6.4, <= 2)
    msg91ruby (1.0.2)
    msgpack (1.2.4)
    multi_json (1.13.1)
    multi_xml (0.6.0)
    multipart-post (2.0.0)
    mustermann (1.0.3)
    nested_form_fields (0.8.2)
      coffee-rails (>= 3.2.1)
      jquery-rails
      rails (>= 3.2.0)
    net-scp (1.2.1)
      net-ssh (>= 2.6.5)
    net-ssh (5.0.2)
    nio4r (2.3.1)
    nokogiri (1.8.4)
      mini_portile2 (~> 2.3.0)
    oauth2 (1.4.0)
      faraday (>= 0.8, < 0.13)
      jwt (~> 1.0)
      multi_json (~> 1.3)
      multi_xml (~> 0.5)
      rack (>= 1.2, < 3)
    oj (3.6.11)
    omniauth (1.8.1)
      hashie (>= 3.4.6, < 3.6.0)
      rack (>= 1.6.2, < 3)
    omniauth-google-oauth2 (0.5.3)
      jwt (>= 1.5)
      omniauth (>= 1.1.1)
      omniauth-oauth2 (>= 1.5)
    omniauth-oauth2 (1.5.0)
      oauth2 (~> 1.1)
      omniauth (~> 1.2)
    orm_adapter (0.5.0)
    paper_trail (10.0.1)
      activerecord (>= 4.2, < 5.3)
      request_store (~> 1.1)
    pg (1.1.3)
    pg_search (2.1.2)
      activerecord (>= 4.2)
      activesupport (>= 4.2)
      arel (>= 6)
    phony (2.16.5)
    phony_rails (0.14.9)
      activesupport (>= 3.0)
      phony (> 2.15)
    public_suffix (3.0.3)
    puma (3.12.0)
    pundit (2.0.0)
      activesupport (>= 3.0.0)
    rack (2.0.5)
    rack-protection (2.0.4)
      rack
    rack-proxy (0.6.5)
      rack
    rack-test (1.1.0)
      rack (>= 1.0, < 3)
    rails (5.2.1)
      actioncable (= 5.2.1)
      actionmailer (= 5.2.1)
      actionpack (= 5.2.1)
      actionview (= 5.2.1)
      activejob (= 5.2.1)
      activemodel (= 5.2.1)
      activerecord (= 5.2.1)
      activestorage (= 5.2.1)
      activesupport (= 5.2.1)
      bundler (>= 1.3.0)
      railties (= 5.2.1)
      sprockets-rails (>= 2.0.0)
    rails-dom-testing (2.0.3)
      activesupport (>= 4.2.0)
      nokogiri (>= 1.6)
    rails-html-sanitizer (1.0.4)
      loofah (~> 2.2, >= 2.2.2)
    railties (5.2.1)
      actionpack (= 5.2.1)
      activesupport (= 5.2.1)
      method_source
      rake (>= 0.8.7)
      thor (>= 0.19.0, < 2.0)
    rake (12.3.1)
    randexp (0.1.7)
    rb-fsevent (0.10.3)
    rb-inotify (0.9.10)
      ffi (>= 0.5.0, < 2)
    redis (4.0.2)
    request_store (1.4.1)
      rack (>= 1.4)
    responders (2.4.0)
      actionpack (>= 4.2.0, < 5.3)
      railties (>= 4.2.0, < 5.3)
    rotp (3.3.1)
    ruby-ole (1.2.12.1)
    ruby_dep (1.5.0)
    ruby_http_client (3.3.0)
    rubyzip (1.2.2)
    sass (3.6.0)
      sass-listen (~> 4.0.0)
    sass-listen (4.0.0)
      rb-fsevent (~> 0.9, >= 0.9.4)
      rb-inotify (~> 0.9, >= 0.9.7)
    sass-rails (5.0.7)
      railties (>= 4.0.0, < 6)
      sass (~> 3.1)
      sprockets (>= 2.8, < 4.0)
      sprockets-rails (>= 2.0, < 4.0)
      tilt (>= 1.1, < 3)
    seed_dump (3.3.1)
      activerecord (>= 4)
      activesupport (>= 4)
    selenium-webdriver (3.14.0)
      childprocess (~> 0.5)
      rubyzip (~> 1.2)
    sendgrid-ruby (5.2.0)
      ruby_http_client (~> 3.2)
      sinatra (>= 1.4.7, < 3)
    sentry-raven (2.7.4)
      faraday (>= 0.7.6, < 1.0)
    sidekiq (5.2.2)
      connection_pool (~> 2.2, >= 2.2.2)
      rack-protection (>= 1.5.0)
      redis (>= 3.3.5, < 5)
    simple_form (4.0.1)
      actionpack (>= 5.0)
      activemodel (>= 5.0)
    simple_xlsx_reader (1.0.4)
      nokogiri
      rubyzip
    sinatra (2.0.4)
      mustermann (~> 1.0)
      rack (~> 2.0)
      rack-protection (= 2.0.4)
      tilt (~> 2.0)
    sixarm_ruby_unaccent (1.2.0)
    slack-ruby-client (0.13.1)
      activesupport
      faraday (>= 0.9)
      faraday_middleware
      gli
      hashie
      websocket-driver
    sort_alphabetical (1.1.0)
      unicode_utils (>= 1.2.2)
    spreadsheet (1.1.8)
      ruby-ole (>= 1.0)
    spring (2.0.2)
      activesupport (>= 4.2)
    spring-watcher-listen (2.0.1)
      listen (>= 2.7, < 4.0)
      spring (>= 1.2, < 3.0)
    sprockets (3.7.2)
      concurrent-ruby (~> 1.0)
      rack (> 1, < 3)
    sprockets-rails (3.2.1)
      actionpack (>= 4.0)
      activesupport (>= 4.0)
      sprockets (>= 3.0.0)
    thor (0.20.0)
    thread_safe (0.3.6)
    tilt (2.0.8)
    timeliness (0.3.8)
    timers (4.1.2)
      hitimes
    turbolinks (5.2.0)
      turbolinks-source (~> 5.2)
    turbolinks-source (5.2.0)
    twilio-ruby (5.11.2)
      faraday (~> 0.9)
      jwt (>= 1.5, <= 2.5)
      nokogiri (>= 1.6, < 2.0)
    two_factor_authentication (2.1.1)
      devise
      encryptor
      rails (>= 3.1.1)
      randexp
      rotp (>= 3.2.0)
    tzinfo (1.2.5)
      thread_safe (~> 0.1)
    uglifier (4.1.19)
      execjs (>= 0.3.0, < 3)
    unicode_utils (1.4.0)
    validates_timeliness (5.0.0.alpha3)
      timeliness (~> 0.3.8)
    warden (1.2.7)
      rack (>= 1.0)
    web-console (3.7.0)
      actionview (>= 5.0)
      activemodel (>= 5.0)
      bindex (>= 0.4.0)
      railties (>= 5.0)
    webpacker (3.5.5)
      activesupport (>= 4.2)
      rack-proxy (>= 0.6.1)
      railties (>= 4.2)
    websocket-driver (0.7.0)
      websocket-extensions (>= 0.1.0)
    websocket-extensions (0.1.3)
    wicked_pdf (1.1.0)
    with_advisory_lock (4.0.0)
      activerecord (>= 4.2)
    xpath (3.1.0)
      nokogiri (~> 1.8)

PLATFORMS
  ruby

DEPENDENCIES
  activeresource
  async-websocket
  axlsx!
  axlsx_rails
  azure-storage
  bonsai-elasticsearch-rails (~> 7)
  bootsnap (>= 1.1.0)
  byebug
  capybara (>= 2.15, < 4.0)
  chewy
  chromedriver-helper
  clockwork
  closure_tree
  cocoon
  coffee-rails (~> 4.2)
  config
  country_select
  deep_cloneable (~> 2.3.2)
  devise
  faker
  fast_jsonapi
  file_validators
  gaffe
  groupdate
  hashid-rails (~> 1.0)
  hightop
  httparty
  jbuilder (~> 2.5)
  js-routes
  kaminari
  letter_opener
  listen (>= 3.0.5, < 3.2)
  maily
  msg91ruby
  nested_form_fields
  net-scp
  oj
  omniauth-google-oauth2
  paper_trail
  pg
  pg_search
  phony_rails
  puma (~> 3.11)
  pundit
  rails (~> 5.2.0)
  rotp
  rubyzip (>= 1.2.1)
  sass-rails (~> 5.0)
  seed_dump
  selenium-webdriver
  sendgrid-ruby
  sentry-raven
  sidekiq
  simple_form
  simple_xlsx_reader
  slack-ruby-client
  spreadsheet
  spring
  spring-watcher-listen (~> 2.0.0)
  turbolinks (~> 5)
  twilio-ruby (~> 5.11.2)
  two_factor_authentication
  tzinfo-data
  uglifier (>= 1.3.0)
  validates_timeliness (~> 5.0.0.alpha3)
  web-console (>= 3.3.0)
  webpacker (~> 3.5)
  wicked_pdf

RUBY VERSION
   ruby 2.5.1p57

BUNDLED WITH
   1.16.2
